GEM
  remote: https://rubygems.org/
  specs:
    ffi (1.16.3)
    httparty (0.21.0)
      mini_mime (>= 1.0.0)
      multi_xml (>= 0.5.2)
    image_processing (1.12.2)
      mini_magick (>= 4.9.5, < 5)
      ruby-vips (>= 2.0.17, < 3)
    json (2.6.3)
    mini_magick (4.12.0)
    mini_mime (1.1.5)
    multi_xml (0.6.0)
    ruby-vips (2.2.0)
      ffi (~> 1.12)

PLATFORMS
  x86_64-linux

DEPENDENCIES
  httparty
  image_processing (~> 1.12)
  json (~> 2.6)

BUNDLED WITH
   2.4.10
